PATH
  remote: ../bloc_record
  specs:
    bloc_record (0.0.0)
      sqlite3 (~> 1.3)

GEM
  remote: https://rubygems.org/
  specs:
    rspec-core (3.9.1)
      rspec-support (~> 3.9.1)
    rspec-support (3.9.2)
    sqlite3 (1.4.2)

PLATFORMS
  ruby

DEPENDENCIES
  bloc_record!
  rspec-core

BUNDLED WITH
   1.16.2
